GEM
  remote: http://rubygems.org/
  specs:
    activemodel (3.2.9)
      activesupport (= 3.2.9)
      builder (~> 3.0.0)
    activesupport (3.2.9)
      i18n (~> 0.6)
      multi_json (~> 1.0)
    addressable (2.2.8)
    builder (3.0.4)
    celluloid (0.12.3)
      facter (>= 1.6.12)
      timers (>= 1.0.0)
    connection_pool (0.9.2)
    crack (0.3.1)
    diff-lcs (1.1.3)
    facter (1.6.14)
    i18n (0.6.1)
    mime-types (1.19)
    multi_json (1.3.7)
    oauth (0.4.7)
    redis (3.0.2)
    redis-namespace (1.2.1)
      redis (~> 3.0.0)
    rest-client (1.6.7)
      mime-types (>= 1.16)
    rspec (2.12.0)
      rspec-core (~> 2.12.0)
      rspec-expectations (~> 2.12.0)
      rspec-mocks (~> 2.12.0)
    rspec-core (2.12.0)
    rspec-expectations (2.12.0)
      diff-lcs (~> 1.1.3)
    rspec-mocks (2.12.0)
    ruby-trello (0.4.4)
      activemodel
      addressable (~> 2.2.6)
      oauth (~> 0.4.5)
      rest-client (~> 1.6.7)
    sidekiq (2.5.3)
      celluloid (~> 0.12.0)
      connection_pool (~> 0.9.2)
      multi_json (~> 1)
      redis (~> 3)
      redis-namespace
    timers (1.0.1)
    webmock (1.9.0)
      addressable (>= 2.2.7)
      crack (>= 0.1.7)

PLATFORMS
  ruby

DEPENDENCIES
  rspec
  ruby-trello
  sidekiq
  webmock
